PATH
  remote: .
  specs:
    chargify_api_ares (0.5.0)
      activeresource (>= 2.3.5)

GEM
  remote: http://rubygems.org/
  specs:
    activemodel (3.1.1)
      activesupport (= 3.1.1)
      builder (~> 3.0.0)
      i18n (~> 0.6)
    activeresource (3.1.1)
      activemodel (= 3.1.1)
      activesupport (= 3.1.1)
    activesupport (3.1.1)
      multi_json (~> 1.0)
    builder (3.0.0)
    diff-lcs (1.1.3)
    factory_girl (2.1.2)
      activesupport
    faker (1.0.1)
      i18n (~> 0.4)
    fakeweb (1.3.0)
    growl (1.0.3)
    guard (0.8.8)
      thor (~> 0.14.6)
    guard-rspec (0.5.0)
      guard (>= 0.8.4)
    i18n (0.6.0)
    multi_json (1.0.3)
    rake (0.9.2.2)
    rb-fsevent (0.4.3.1)
    rspec (2.7.0)
      rspec-core (~> 2.7.0)
      rspec-expectations (~> 2.7.0)
      rspec-mocks (~> 2.7.0)
    rspec-core (2.7.1)
    rspec-expectations (2.7.0)
      diff-lcs (~> 1.1.2)
    rspec-mocks (2.7.0)
    thor (0.14.6)

PLATFORMS
  ruby

DEPENDENCIES
  chargify_api_ares!
  factory_girl (~> 2.1.0)
  faker (~> 1.0.1)
  fakeweb (~> 1.3.0)
  growl (~> 1.0.3)
  guard-rspec (~> 0.5.0)
  rake (~> 0.9.2)
  rb-fsevent (~> 0.4.2)
  rspec (~> 2.7.0)
