PATH
  remote: .
  specs:
    chargify_api_ares (0.3.9)
      activeresource

GEM
  remote: http://rubygems.org/
  specs:
    activemodel (3.0.5)
      activesupport (= 3.0.5)
      builder (~> 2.1.2)
      i18n (~> 0.4)
    activeresource (3.0.5)
      activemodel (= 3.0.5)
      activesupport (= 3.0.5)
    activesupport (3.0.5)
    builder (2.1.2)
    factory_girl (1.3.3)
    faker (0.9.5)
      i18n (~> 0.4)
    fakeweb (1.3.0)
    i18n (0.5.0)
    rspec (1.3.1)

PLATFORMS
  ruby

DEPENDENCIES
  chargify_api_ares!
  factory_girl
  faker
  fakeweb
  rspec (~> 1.3)
