PATH
  remote: .
  specs:
    chargify_api_ares (0.5.2)
      activeresource (= 3.0.19)

GEM
  remote: http://rubygems.org/
  specs:
    activemodel (3.0.19)
      activesupport (= 3.0.19)
      builder (~> 2.1.2)
      i18n (~> 0.5.0)
    activeresource (3.0.19)
      activemodel (= 3.0.19)
      activesupport (= 3.0.19)
    activesupport (3.0.19)
    builder (2.1.2)
    coderay (1.0.8)
    diff-lcs (1.1.3)
    factory_girl (2.1.2)
      activesupport
    faker (1.1.2)
      i18n (~> 0.5)
    fakeweb (1.3.0)
    growl (1.0.3)
    guard (1.6.2)
      listen (>= 0.6.0)
      lumberjack (>= 1.0.2)
      pry (>= 0.9.10)
      terminal-table (>= 1.4.3)
      thor (>= 0.14.6)
    guard-rspec (0.5.11)
      guard (>= 0.8.4)
    i18n (0.5.0)
    listen (0.7.2)
    lumberjack (1.0.2)
    method_source (0.8.1)
    pry (0.9.12)
      coderay (~> 1.0.5)
      method_source (~> 0.8)
      slop (~> 3.4)
    rake (0.9.6)
    rb-fsevent (0.9.3)
    rspec (2.7.0)
      rspec-core (~> 2.7.0)
      rspec-expectations (~> 2.7.0)
      rspec-mocks (~> 2.7.0)
    rspec-core (2.7.1)
    rspec-expectations (2.7.0)
      diff-lcs (~> 1.1.2)
    rspec-mocks (2.7.0)
    slop (3.4.3)
    terminal-table (1.4.5)
    thor (0.17.0)

PLATFORMS
  ruby

DEPENDENCIES
  chargify_api_ares!
  factory_girl (~> 2.1.0)
  faker (~> 1.1.2)
  fakeweb (~> 1.3.0)
  growl (~> 1.0.3)
  guard-rspec (~> 0.5.0)
  rake (~> 0.9.2)
  rb-fsevent (~> 0.9.2)
  rspec (~> 2.7.0)
